PATH
  remote: .
  specs:
    wirb (0.4.0)

GEM
  remote: http://rubygems.org/
  specs:
    diff-lcs (1.1.2)
    highline (1.6.3)
    paint (0.8.0)
    rake (0.8.7)
    rspec (2.5.0)
      rspec-core (~> 2.5.0)
      rspec-expectations (~> 2.5.0)
      rspec-mocks (~> 2.5.0)
    rspec-core (2.5.2)
    rspec-expectations (2.5.0)
      diff-lcs (~> 1.1.2)
    rspec-mocks (2.5.0)
    zucker (11)

PLATFORMS
  ruby

DEPENDENCIES
  highline
  paint
  rake
  rspec
  rspec-core
  wirb!
  zucker (>= 11)
