PATH
  remote: .
  specs:
    wirb (0.3.2)
      rainbow

GEM
  remote: http://rubygems.org/
  specs:
    diff-lcs (1.1.2)
    rainbow (1.1.1)
    rake (0.8.7)
    rspec (2.5.0)
      rspec-core (~> 2.5.0)
      rspec-expectations (~> 2.5.0)
      rspec-mocks (~> 2.5.0)
    rspec-core (2.5.2)
    rspec-expectations (2.5.0)
      diff-lcs (~> 1.1.2)
    rspec-mocks (2.5.0)
    zucker (11)

PLATFORMS
  ruby

DEPENDENCIES
  rake
  rspec
  rspec-core
  wirb!
  zucker (>= 11)
